GEM
  remote: http://rubygems.org/
  specs:
    haml (3.1.1)
    json (1.5.1)
    rack (1.2.2)
    redis (2.2.0)
    rqrcode (0.3.3)
    sinatra (1.2.6)
      rack (~> 1.1)
      tilt (>= 1.2.2, < 2.0)
    tilt (1.3)

PLATFORMS
  ruby

DEPENDENCIES
  haml
  json
  redis
  rqrcode
  sinatra
